GEM
  remote: https://rubygems.org/
  specs:
    activemodel (5.0.0.1)
      activesupport (= 5.0.0.1)
    activerecord (5.0.0.1)
      activemodel (= 5.0.0.1)
      activesupport (= 5.0.0.1)
      arel (~> 7.0)
    activesupport (5.0.0.1)
      concurrent-ruby (~> 1.0, >= 1.0.2)
      i18n (~> 0.7)
      minitest (~> 5.1)
      tzinfo (~> 1.1)
    addressable (2.4.0)
    arel (7.1.1)
    coderay (1.1.1)
    concurrent-ruby (1.0.2)
    crack (0.4.3)
      safe_yaml (~> 1.0.0)
    database_cleaner (1.5.3)
    diff-lcs (1.2.5)
    factory_girl (4.7.0)
      activesupport (>= 3.0.0)
    hashdiff (0.3.0)
    i18n (0.7.0)
    method_source (0.8.2)
    mini_portile2 (2.3.0)
    minitest (5.9.0)
    nokogiri (1.8.5)
      mini_portile2 (~> 2.3.0)
    notgun (0.9.2)
      rack (>= 1.0)
    open_uri_redirections (0.2.1)
    pg (0.18.4)
    pry (0.10.4)
      coderay (~> 1.1.0)
      method_source (~> 0.8.1)
      slop (~> 3.4)
    puma (3.6.0)
    rack (1.6.11)
    rack-test (0.6.3)
      rack (>= 1.0)
    rake (11.2.2)
    roda (2.16.0)
      rack
    rspec (3.5.0)
      rspec-core (~> 3.5.0)
      rspec-expectations (~> 3.5.0)
      rspec-mocks (~> 3.5.0)
    rspec-core (3.5.2)
      rspec-support (~> 3.5.0)
    rspec-expectations (3.5.0)
      diff-lcs (>= 1.2.0, < 2.0)
      rspec-support (~> 3.5.0)
    rspec-mocks (3.5.0)
      diff-lcs (>= 1.2.0, < 2.0)
      rspec-support (~> 3.5.0)
    rspec-support (3.5.0)
    safe_yaml (1.0.4)
    shoulda-matchers (3.1.1)
      activesupport (>= 4.0.0)
    slop (3.6.0)
    thread_safe (0.3.5)
    tzinfo (1.2.2)
      thread_safe (~> 0.1)
    vcr (3.0.3)
    webmock (2.1.0)
      addressable (>= 2.3.6)
      crack (>= 0.3.2)
      hashdiff
    will_paginate (3.1.0)

PLATFORMS
  ruby

DEPENDENCIES
  activerecord (= 5.0.0.1)
  database_cleaner (= 1.5.3)
  factory_girl (= 4.7.0)
  nokogiri (= 1.8.5)
  notgun (= 0.9.2)
  open_uri_redirections (= 0.2.1)
  pg (= 0.18.4)
  pry (= 0.10.4)
  puma (= 3.6.0)
  rack (= 1.6.11)
  rack-test
  rake
  roda (= 2.16.0)
  rspec (= 3.5.0)
  shoulda-matchers (= 3.1.1)
  vcr (= 3.0.3)
  webmock (= 2.1.0)
  will_paginate (~> 3.1.0)

RUBY VERSION
   ruby 2.3.7p456

BUNDLED WITH
   1.16.3
